GEM
  remote: https://rubygems.org/
  specs:
    diff-lcs (1.2.5)
    mime-types (1.25.1)
    mode-sdk (0.1.0)
    rest-client (1.6.7)
      mime-types (>= 1.16)
    rspec (3.0.0)
      rspec-core (~> 3.0.0)
      rspec-expectations (~> 3.0.0)
      rspec-mocks (~> 3.0.0)
    rspec-core (3.0.2)
      rspec-support (~> 3.0.0)
    rspec-expectations (3.0.2)
      diff-lcs (>= 1.2.0, < 2.0)
      rspec-support (~> 3.0.0)
    rspec-mocks (3.0.2)
      rspec-support (~> 3.0.0)
    rspec-support (3.0.2)
    rubyzip (0.9.9)

PLATFORMS
  ruby

DEPENDENCIES
  mode-sdk
  rest-client
  rspec
  rubyzip
